GEM
  remote: https://rubygems.org/
  specs:
    benchmark-ips (2.12.0)

PLATFORMS
  ruby

DEPENDENCIES
  benchmark-ips (~> 2.12)

BUNDLED WITH
   1.17.2
